GEM
  remote: https://rubygems.org/
  specs:
    mini_portile2 (2.0.0)
    nokogiri (1.6.7.2)
      mini_portile2 (~> 2.0.0.rc2)
    open-uri-cached (0.0.5)

PLATFORMS
  ruby

DEPENDENCIES
  nokogiri
  open-uri-cached

BUNDLED WITH
   1.11.2
